GEM
  remote: https://rubygems.org/
  specs:
    activesupport (4.2.7.1)
      i18n (~> 0.7)
      json (~> 1.7, >= 1.7.7)
      minitest (~> 5.1)
      thread_safe (~> 0.3, >= 0.3.4)
      tzinfo (~> 1.1)
    bezel-app (0.1.12)
      activesupport (~> 4.2, >= 4.2.5.1)
      fileutils (~> 0.7)
      pg (~> 0.18)
      pry (~> 0.10.3)
      rack (~> 1.6, >= 1.6.4)
      thor (~> 0.19)
    coderay (1.1.1)
    fileutils (0.7)
      rmagick (>= 2.13.1)
    i18n (0.7.0)
    json (1.8.3)
    method_source (0.8.2)
    minitest (5.9.1)
    newrelic_rpm (3.17.0.325)
    pg (0.19.0)
    pry (0.10.4)
      coderay (~> 1.1.0)
      method_source (~> 0.8.1)
      slop (~> 3.4)
    rack (1.6.4)
    rails_12factor (0.0.3)
      rails_serve_static_assets
      rails_stdout_logging
    rails_serve_static_assets (0.0.5)
    rails_stdout_logging (0.0.5)
    rmagick (2.16.0)
    slop (3.6.0)
    thor (0.19.1)
    thread_safe (0.3.5)
    tzinfo (1.2.2)
      thread_safe (~> 0.1)

PLATFORMS
  ruby

DEPENDENCIES
  bezel-app (~> 0.1.12)
  newrelic_rpm
  pg
  rails_12factor

BUNDLED WITH
   1.12.5
